GEM
  remote: http://rubygems.org/
  specs:
    chunky_png (1.2.0)
    coffee-script (2.2.0)
      coffee-script-source
      execjs
    coffee-script-source (1.1.1)
    compass (0.11.1)
      chunky_png (~> 1.1)
      fssm (>= 0.2.7)
      sass (~> 3.1)
    daemons (1.1.3)
    eventmachine (0.12.10)
    execjs (1.1.2)
      multi_json (~> 1.0)
    fssm (0.2.7)
    json (1.5.1)
    librmpd (0.1.1)
    multi_json (1.0.3)
    rack (1.3.0)
    sass (3.1.2)
    sinatra (1.2.6)
      rack (~> 1.1)
      tilt (>= 1.2.2, < 2.0)
    skinny (0.1.2)
      eventmachine
      thin
    therubyracer (0.8.2)
    thin (1.2.11)
      daemons (>= 1.0.9)
      eventmachine (>= 0.12.6)
      rack (>= 1.0.0)
    tilt (1.3.2)

PLATFORMS
  ruby

DEPENDENCIES
  coffee-script
  coffee-script-source
  compass
  json
  librmpd
  sinatra
  skinny
  therubyracer
