GEM
  remote: http://rubygems.org/
  specs:
    coffee-script (2.2.0)
      coffee-script-source
      execjs
    coffee-script-source (1.1.1)
    execjs (1.1.2)
      multi_json (~> 1.0)
    json (1.5.1)
    librmpd (0.1.1)
    multi_json (1.0.3)
    rack (1.3.0)
    sass (3.1.2)
    sinatra (1.2.6)
      rack (~> 1.1)
      tilt (>= 1.2.2, < 2.0)
    therubyracer (0.8.2)
    tilt (1.3.2)

PLATFORMS
  ruby

DEPENDENCIES
  coffee-script
  coffee-script-source
  json
  librmpd
  sass
  sinatra
  therubyracer
